GEM
  remote: https://rubygems.org/
  specs:
    easy_translate (0.5.0)
      json
      thread
      thread_safe
    foreman (0.78.0)
      thor (~> 0.19.1)
    json (1.8.3)
    rack (1.6.4)
    rack-protection (1.5.3)
      rack
    shotgun (0.9.1)
      rack (>= 1.0)
    sinatra (1.4.6)
      rack (~> 1.4)
      rack-protection (~> 1.4)
      tilt (>= 1.3, < 3)
    thor (0.19.1)
    thread (0.2.2)
    thread_safe (0.3.5)
    tilt (2.0.1)

PLATFORMS
  ruby

DEPENDENCIES
  easy_translate
  foreman
  rack
  shotgun
  sinatra

BUNDLED WITH
   1.10.6
